GEM
  remote: https://rubygems.org/
  specs:
    bson (1.9.2)
    mongo (1.9.2)
      bson (~> 1.9.2)
    redis (3.0.7)
    sequel (4.7.0)
    sqlite3 (1.3.8)

PLATFORMS
  ruby

DEPENDENCIES
  mongo
  redis
  sequel
  sqlite3
